GIT
  remote: git://github.com/patriciomacadden/hobbit-routes.git
  revision: 4cf3679d153cc8533aa4d8608b48e570b59aa8af
  specs:
    hobbit-routes (0.0.1)
      hobbit

GIT
  remote: git://github.com/patriciomacadden/hobbit.git
  revision: 1fb98fadaf746a24c0c66cf88a2cb2b02588431c
  specs:
    hobbit (0.0.3)
      rack
      tilt

GEM
  remote: https://rubygems.org/
  specs:
    daemons (1.1.9)
    eventmachine (1.0.3)
    rack (1.5.2)
    thin (1.5.1)
      daemons (>= 1.0.9)
      eventmachine (>= 0.12.6)
      rack (>= 1.0.0)
    tilt (1.3.7)

PLATFORMS
  ruby

DEPENDENCIES
  hobbit!
  hobbit-routes!
  thin
